GEM
  remote: https://rubygems.org/
  specs:
    addressable (2.7.0)
      public_suffix (>= 2.0.2, < 5.0)
    launchy (2.4.3)
      addressable (~> 2.3)
    public_suffix (4.0.1)

PLATFORMS
  ruby

DEPENDENCIES
  launchy (= 2.4.3)

BUNDLED WITH
   1.17.3
